GEM
  remote: http://rubygems.org/
  specs:
    bindata (2.4.10)
    diff-lcs (1.1.3)
    json (>= 2.3.0)
    rdoc (3.12.2)
      json (~> 1.4)
    rspec (2.8.0)
      rspec-core (~> 2.8.0)
      rspec-expectations (~> 2.8.0)
      rspec-mocks (~> 2.8.0)
    rspec-core (2.8.0)
    rspec-expectations (2.8.0)
      diff-lcs (~> 1.1.2)
    rspec-mocks (2.8.0)

PLATFORMS
  ruby

DEPENDENCIES
  bindata
  bundler (>= 1.2.0)
  rdoc (~> 3.12)
  rspec (~> 2.8.0)